GEM
  remote: https://rubygems.org/
  specs:
    addressable (2.3.5)
    json (1.8.1)
    mime-types (2.1)
    rest-client (1.6.7)
      mime-types (>= 1.16)
    unirest (1.1.1)
      addressable (~> 2.3.5)
      json (~> 1.8.1)
      rest-client (~> 1.6.7)

PLATFORMS
  ruby

DEPENDENCIES
  unirest
